PATH
  remote: .
  specs:
    glib-eventable (0.1.0)
      glib2 (~> 1.1.5)
      version (~> 1.0.0)

GEM
  remote: http://rubygems.org/
  specs:
    coderay (1.0.8)
    glib2 (1.1.5)
      pkg-config
    guard (1.5.4)
      listen (>= 0.4.2)
      lumberjack (>= 1.0.2)
      pry (>= 0.9.10)
      thor (>= 0.14.6)
    guard-yard (2.0.1)
      guard (>= 1.1.0)
      yard (>= 0.7.0)
    listen (0.5.3)
    lumberjack (1.0.2)
    method_source (0.8.1)
    pkg-config (1.1.4)
    pry (0.9.10)
      coderay (~> 1.0.5)
      method_source (~> 0.8)
      slop (~> 3.3.1)
    rake (0.9.4)
    redcarpet (2.2.2)
    slop (3.3.3)
    thor (0.16.0)
    version (1.0.0)
    yard (0.8.3)

PLATFORMS
  ruby

DEPENDENCIES
  glib-eventable!
  guard-yard (~> 2.0.1)
  rake (~> 0.9)
  redcarpet (~> 2.2.2)
